GEM
  remote: https://rubygems.org/
  specs:
    artifactory (2.8.2)
    kitchen-ansible (0.47.2)
      net-ssh (>= 3)
      test-kitchen (~> 1.4)
    kitchen-vagrant (1.1.0)
      test-kitchen (~> 1.4)
    kitchen-verifier-serverspec (0.6.8)
      net-ssh (>= 3)
      test-kitchen (~> 1.4)
    mixlib-install (1.2.4)
      artifactory
      mixlib-shellout
      mixlib-versioning
    mixlib-shellout (2.2.7)
    mixlib-versioning (1.1.0)
    net-scp (1.2.1)
      net-ssh (>= 2.6.5)
    net-ssh (3.2.0)
    safe_yaml (1.0.4)
    test-kitchen (1.8.0)
      mixlib-install (~> 1.0, >= 1.0.4)
      mixlib-shellout (>= 1.2, < 3.0)
      net-scp (~> 1.1)
      net-ssh (>= 2.9, < 4.0)
      safe_yaml (~> 1.0)
      thor (~> 0.18)
    thor (0.19.4)

PLATFORMS
  ruby

DEPENDENCIES
  kitchen-ansible
  kitchen-vagrant
  kitchen-verifier-serverspec
  test-kitchen (<= 1.8.0)

BUNDLED WITH
   1.14.6
